GIT
  remote: https://github.com/norio-nomura/xcjobs.git
  revision: ebfe8050aac3bf95dfcd6d1bdcb4dc9dc8358c56
  branch: subclass-of-rake-task
  specs:
    xcjobs (0.0.4)

GIT
  remote: https://github.com/norio-nomura/xcpretty.git
  revision: aa9c2adfefc315d5dbf06f70f8ab6926c74fb045
  branch: add-measuring
  specs:
    xcpretty (0.1.7)

GEM
  remote: https://rubygems.org/
  specs:
    rake (10.4.2)

PLATFORMS
  ruby

DEPENDENCIES
  rake
  xcjobs!
  xcpretty!
